GEM
  remote: http://rubygems.org/
  specs:
    arrayfields (4.7.4)
    git (1.2.5)
    jeweler (1.6.4)
      bundler (~> 1.0)
      git (>= 1.2.5)
      rake
    lockfile (1.4.3)
    rake (0.9.2)

PLATFORMS
  ruby

DEPENDENCIES
  arrayfields
  bundler (~> 1.0.15)
  jeweler (~> 1.6.4)
  lockfile
